FRAMEWORK: NET45
NUGET
  remote: https://www.nuget.org/api/v2
    FAKE (4.61.2)
    Neo4jClient (2.0.0.7)
      Newtonsoft.Json (>= 9.0.1)
    Newtonsoft.Json (10.0.2)
